GEM
  remote: https://rubygems.org/
  specs:
    requests (1.0.0)

PLATFORMS
  ruby

DEPENDENCIES
  requests

BUNDLED WITH
   1.12.5
